GEM
  remote: https://rubygems.org/
  specs:
    activesupport (7.0.3.1)
      concurrent-ruby (~> 1.0, >= 1.0.2)
      i18n (>= 1.6, < 2)
      minitest (>= 5.1)
      tzinfo (~> 2.0)
    concurrent-ruby (1.1.10)
    diff-lcs (1.2.4)
    haml (4.0.3)
      tilt
    i18n (1.12.0)
      concurrent-ruby (~> 1.0)
    minitest (5.16.2)
    mp3info (0.6.18)
    polyglot (0.3.3)
    power_assert (0.2.6)
    rake (10.1.0)
    rspec (2.13.0)
      rspec-core (~> 2.13.0)
      rspec-expectations (~> 2.13.0)
      rspec-mocks (~> 2.13.0)
    rspec-core (2.13.1)
    rspec-expectations (2.13.0)
      diff-lcs (>= 1.1.3, < 2.0)
    rspec-mocks (2.13.1)
    shoulda (3.5.0)
      shoulda-context (~> 1.0, >= 1.0.1)
      shoulda-matchers (>= 1.4.1, < 3.0)
    shoulda-context (1.1.4)
    shoulda-matchers (2.8.0)
      activesupport (>= 3.0.0)
    test-unit (3.1.5)
      power_assert
    text (1.2.1)
    tilt (1.4.1)
    treetop (1.4.14)
      polyglot
      polyglot (>= 0.3.1)
    tzinfo (2.0.5)
      concurrent-ruby (~> 1.0)
    xml-simple (1.1.2)

PLATFORMS
  ruby

DEPENDENCIES
  haml
  mp3info
  rake
  rspec
  shoulda
  test-unit
  text
  treetop
  xml-simple

BUNDLED WITH
   1.13.7
